GEM
  remote: https://rubygems.org/
  specs:
    Ascii85 (1.1.0)
    addressable (2.8.0)
      public_suffix (>= 2.0.2, < 5.0)
    afm (0.2.2)
    asciidoctor (2.0.16)
    asciidoctor-epub3 (1.5.1)
      asciidoctor (>= 1.5.6, < 3.0.0)
      gepub (~> 1.0.0)
      mime-types (~> 3.0)
    asciidoctor-pdf (1.6.1)
      asciidoctor (~> 2.0)
      concurrent-ruby (~> 1.1)
      prawn (~> 2.4.0)
      prawn-icon (~> 3.0.0)
      prawn-svg (~> 0.32.0)
      prawn-table (~> 0.2.0)
      prawn-templates (~> 0.1.0)
      safe_yaml (~> 1.0.0)
      treetop (~> 1.6.0)
    concurrent-ruby (1.1.9)
    css_parser (1.10.0)
      addressable
    gepub (1.0.15)
      nokogiri (>= 1.8.2, < 2.0)
      rubyzip (> 1.1.1, < 2.4)
    hashery (2.1.2)
    mime-types (3.4.1)
      mime-types-data (~> 3.2015)
    mime-types-data (3.2021.1115)
    nokogiri (1.12.5-x86_64-darwin)
      racc (~> 1.4)
    pdf-core (0.9.0)
    pdf-reader (2.6.0)
      Ascii85 (~> 1.0)
      afm (~> 0.2.1)
      hashery (~> 2.0)
      ruby-rc4
      ttfunk
    polyglot (0.3.5)
    prawn (2.4.0)
      pdf-core (~> 0.9.0)
      ttfunk (~> 1.7)
    prawn-icon (3.0.0)
      prawn (>= 1.1.0, < 3.0.0)
    prawn-svg (0.32.0)
      css_parser (~> 1.6)
      prawn (>= 0.11.1, < 3)
      rexml (~> 3.2)
    prawn-table (0.2.2)
      prawn (>= 1.3.0, < 3.0.0)
    prawn-templates (0.1.2)
      pdf-reader (~> 2.0)
      prawn (~> 2.2)
    public_suffix (4.0.6)
    racc (1.6.0)
    rexml (3.2.5)
    rouge (3.26.1)
    ruby-rc4 (0.1.5)
    rubyzip (2.3.2)
    safe_yaml (1.0.5)
    treetop (1.6.11)
      polyglot (~> 0.3)
    ttfunk (1.7.0)

PLATFORMS
  x86_64-darwin-19
  x86_64-darwin-21

DEPENDENCIES
  asciidoctor
  asciidoctor-epub3
  asciidoctor-pdf
  rouge

BUNDLED WITH
   2.4.22
